GEM
  remote: https://rubygems.org/
  specs:
    git (1.2.5)
    jeweler (1.8.4)
      bundler (~> 1.0)
      git (>= 1.2.5)
      rake
      rdoc
    json (1.7.7)
    minitest (4.7.0)
    rake (10.0.3)
    rdoc (3.12.2)
      json (~> 1.4)
    yard (0.8.5.2)

PLATFORMS
  ruby

DEPENDENCIES
  bundler
  jeweler (~> 1.8.4)
  minitest
  rdoc (~> 3.12)
  yard (~> 0.7)
